GEM
  remote: https://rubygems.org/
  specs:
    bootstrap-sass (3.0.3.0)
      sass (~> 3.2)
    bson (1.11.1)
    bson_ext (1.11.1)
      bson (~> 1.11.1)
    coffee-script (2.3.0)
      coffee-script-source
      execjs
    coffee-script-source (1.8.0)
    ejs (1.1.1)
    execjs (2.2.2)
    haml (4.0.5)
      tilt
    hike (1.2.3)
    mongo (1.11.1)
      bson (= 1.11.1)
    multi_json (1.10.1)
    rack (1.5.2)
    rack-protection (1.5.3)
      rack
    rake (10.3.2)
    sass (3.4.7)
    sinatra (1.4.5)
      rack (~> 1.4)
      rack-protection (~> 1.4)
      tilt (~> 1.3, >= 1.3.4)
    sinatra-asset-pipeline (0.6.0)
      coffee-script (~> 2.3)
      rake (~> 10.0)
      sass (~> 3.1)
      sinatra (~> 1.4)
      sprockets (~> 2.12)
      sprockets-helpers (~> 1.1)
      sprockets-sass (~> 1.2)
    sprockets (2.12.3)
      hike (~> 1.2)
      multi_json (~> 1.0)
      rack (~> 1.0)
      tilt (~> 1.1, != 1.3.0)
    sprockets-helpers (1.1.0)
      sprockets (~> 2.0)
    sprockets-sass (1.2.0)
      sprockets (~> 2.0)
      tilt (~> 1.1)
    tilt (1.4.1)

PLATFORMS
  ruby

DEPENDENCIES
  bootstrap-sass (~> 3.0.3.0)
  bson
  bson_ext
  coffee-script
  ejs
  haml
  mongo
  sass
  sinatra
  sinatra-asset-pipeline
